GEM
  remote: http://rubygems.org/
  specs:
    awesome_print (1.8.0)
    byebug (10.0.2)
    colorize (0.8.1)
    docker-api (1.34.2)
      excon (>= 0.47.0)
      multi_json
    excon (0.62.0)
    multi_json (1.13.1)

PLATFORMS
  ruby

DEPENDENCIES
  awesome_print
  byebug
  colorize
  docker-api

RUBY VERSION
   ruby 2.5.1p57

BUNDLED WITH
   1.16.2
